GEM
  remote: http://rubygems.org/
  specs:
    RedCloth (4.2.9)
    RedCloth (4.2.9-java)
    bluecloth (2.2.0)
    builder (3.0.0)
    coffee-script (2.2.0)
      coffee-script-source
      execjs
    coffee-script-source (1.3.3)
    commonjs (0.2.6)
    contest (0.1.3)
    creole (0.4.2)
    daemons (1.1.8)
    diff-lcs (1.1.3)
    erubis (2.7.0)
    eventmachine (0.12.10)
    eventmachine (0.12.10-java)
    execjs (1.3.2)
      multi_json (~> 1.0)
    expression_parser (0.9.0)
    ffi (1.0.11)
    ffi (1.0.11-java)
    guard (1.0.3)
      ffi (>= 0.5.0)
      thor (>= 0.14.6)
    guard-bundler (0.1.3)
      bundler (>= 1.0.0)
      guard (>= 0.2.2)
    guard-rspec (0.7.2)
      guard (>= 0.10.0)
    haml (3.1.5)
    json (1.7.3)
    json (1.7.3-java)
    kramdown (0.13.6)
    less (2.2.1)
      commonjs (~> 0.2.6)
    liquid (2.3.0)
    markaby (0.7.2)
      builder (>= 2.0.0)
    maruku (0.6.0)
      syntax (>= 1.0.0)
    mini_portile2 (2.8.5)
    multi_json (1.3.5)
    nokogiri (1.15.6)
      mini_portile2 (~> 2.8.2)
      racc (~> 1.4)
    nokogiri (1.15.6-java)
      racc (~> 1.4)
    racc (1.7.3)
    racc (1.7.3-java)
    rack (1.4.1)
    rack-test (0.6.1)
      rack (>= 1.0)
    radius (0.7.3)
    rake (0.9.2.2)
    rb-fchange (0.0.5)
      ffi
    rb-fsevent (0.9.1)
    rb-inotify (0.8.8)
      ffi (>= 0.5.0)
    rb-readline (0.4.2)
    rdiscount (1.6.8)
    rdoc (3.12)
      json (~> 1.4)
    rspec (2.10.0)
      rspec-core (~> 2.10.0)
      rspec-expectations (~> 2.10.0)
      rspec-mocks (~> 2.10.0)
    rspec-core (2.10.0)
    rspec-expectations (2.10.0)
      diff-lcs (~> 1.1.3)
    rspec-mocks (2.10.1)
    ruby_gntp (0.3.4)
    sass (3.1.18)
    simplecov (0.6.4)
      multi_json (~> 1.0)
      simplecov-html (~> 0.5.3)
    simplecov-html (0.5.3)
    slim (1.2.0)
      temple (~> 0.4.0)
      tilt (~> 1.3.3)
    syntax (1.0.0)
    tapp (1.3.1)
      thor
    temple (0.4.0)
    thin (1.3.1)
      daemons (>= 1.0.9)
      eventmachine (>= 0.12.6)
      rack (>= 1.0.0)
    thor (0.15.2)
    tilt (1.3.3)
    wikicloth (0.8.0)
      builder
      expression_parser
    yajl-ruby (1.1.0)

PLATFORMS
  java
  ruby

DEPENDENCIES
  RedCloth
  bluecloth
  builder
  coffee-script
  contest
  creole
  erubis
  guard
  guard-bundler
  guard-rspec
  haml
  kramdown
  less
  liquid
  markaby
  maruku
  nokogiri
  rack
  rack-test
  radius
  rake
  rb-fchange
  rb-fsevent
  rb-inotify
  rb-readline
  rdiscount
  rdoc
  rspec
  ruby_gntp
  sass
  simplecov
  slim
  tapp
  thin
  tilt
  wikicloth
  yajl-ruby
